PATH
  remote: .
  specs:
    navvy (0.3.0)

GEM
  remote: http://rubygems.org/
  specs:
    activerecord (2.3.8)
      activesupport (= 2.3.8)
    activesupport (2.3.8)
    addressable (2.2.0)
    bson (1.0.4)
    bson_ext (1.0.4)
    builder (2.1.2)
    data_objects (0.10.2)
      addressable (~> 2.1)
    dm-core (1.0.0)
      addressable (~> 2.1)
      extlib (~> 0.9.15)
    dm-do-adapter (1.0.0)
      data_objects (~> 0.10.1)
      dm-core (~> 1.0.0)
    dm-migrations (1.0.0)
      dm-core (~> 1.0.0)
    dm-sqlite-adapter (1.0.0)
      dm-do-adapter (~> 1.0.0)
      do_sqlite3 (~> 0.10.2)
    do_sqlite3 (0.10.2)
      data_objects (= 0.10.2)
    durran-validatable (2.0.1)
    extlib (0.9.15)
    jnunemaker-validatable (1.8.4)
      activesupport (>= 2.3.4)
    mongo (1.0.7)
      bson (>= 1.0.4)
    mongo_mapper (0.8.3)
      activesupport (>= 2.3.4)
      jnunemaker-validatable (~> 1.8.4)
      plucky (~> 0.3.3)
    mongoid (1.9.1)
      activesupport (<= 3.0.0)
      bson (~> 1.0.1)
      durran-validatable (>= 2.0.1)
      mongo (~> 1.0.1)
      will_paginate (< 2.9)
    plucky (0.3.4)
      mongo (~> 1.0.7)
    rake (0.8.7)
    rspec (1.3.0)
    sequel (3.14.0)
    sqlite3-ruby (1.3.1)
    timecop (0.3.5)
    tzinfo (0.3.22)
    will_paginate (2.3.14)
    yard (0.5.8)

PLATFORMS
  ruby

DEPENDENCIES
  activerecord (>= 2.3.5)
  bson_ext
  builder
  dm-core (>= 1.0.0)
  dm-migrations
  dm-sqlite-adapter
  mongo_mapper (>= 0.7.0)
  mongoid
  navvy!
  rake
  rspec (>= 1.2.9)
  sequel (>= 3.8.0)
  sqlite3-ruby
  timecop (>= 0.3.5)
  tzinfo
  yard (>= 0.5.2)
