PATH
  remote: .
  specs:
    navvy (0.3.0)

GEM
  remote: http://rubygems.org/
  specs:
    activerecord (2.3.10)
      activesupport (= 2.3.10)
    activesupport (2.3.10)
    addressable (2.2.2)
    bson (1.0)
    bson_ext (1.1.2)
    builder (2.1.2)
    data_objects (0.10.2)
      addressable (~> 2.1)
    diff-lcs (1.1.2)
    dm-core (1.0.2)
      addressable (~> 2.2)
      extlib (~> 0.9.15)
    dm-do-adapter (1.0.2)
      data_objects (~> 0.10.2)
      dm-core (~> 1.0.2)
    dm-migrations (1.0.2)
      dm-core (~> 1.0.2)
    dm-sqlite-adapter (1.0.2)
      dm-do-adapter (~> 1.0.2)
      do_sqlite3 (~> 0.10.2)
    do_sqlite3 (0.10.2)
      data_objects (= 0.10.2)
    durran-validatable (2.0.1)
    extlib (0.9.15)
    jnunemaker-validatable (1.8.4)
      activesupport (>= 2.3.4)
    leshill-will_paginate (2.3.11)
    mongo (1.0)
      bson (= 1.0)
    mongo_mapper (0.7.6)
      activesupport (>= 2.3.4)
      jnunemaker-validatable (= 1.8.4)
      mongo (= 1.0)
      plucky (= 0.1.1)
    mongoid (1.0.6)
      activesupport (>= 2.2.2)
      durran-validatable (>= 2.0.1)
      leshill-will_paginate (>= 2.3.11)
      mongo (>= 0.18.2)
    plucky (0.1.1)
      mongo (= 1.0)
    rake (0.8.7)
    rspec (2.1.0)
      rspec-core (~> 2.1.0)
      rspec-expectations (~> 2.1.0)
      rspec-mocks (~> 2.1.0)
    rspec-core (2.1.0)
    rspec-expectations (2.1.0)
      diff-lcs (~> 1.1.2)
    rspec-mocks (2.1.0)
    sequel (3.17.0)
    sqlite3-ruby (1.3.2)
    timecop (0.3.5)
    tzinfo (0.3.23)
    yard (0.6.1)

PLATFORMS
  ruby

DEPENDENCIES
  activerecord (~> 2.3.5)
  bson_ext
  builder
  dm-core (~> 1.0.0)
  dm-migrations
  dm-sqlite-adapter
  mongo_mapper (~> 0.7.0)
  mongoid
  navvy!
  rake
  rspec (~> 2.1.0)
  sequel (>= 3.8.0)
  sqlite3-ruby
  timecop (>= 0.3.5)
  tzinfo
  yard (>= 0.5.2)
