PATH
  remote: .
  specs:
    navvy (0.3.0)

GEM
  remote: http://rubygems.org/
  specs:
    activerecord (2.3.8)
      activesupport (= 2.3.8)
    activesupport (2.3.8)
    addressable (2.1.2)
    bson (1.0.3)
    builder (2.1.2)
    dm-core (1.0.0)
      addressable (~> 2.1)
      extlib (~> 0.9.15)
    durran-validatable (2.0.1)
    extlib (0.9.15)
    jnunemaker-validatable (1.8.4)
      activesupport (>= 2.3.4)
    mongo (1.0.3)
      bson (= 1.0.3)
    mongo_mapper (0.8.2)
      activesupport (>= 2.3.4)
      jnunemaker-validatable (~> 1.8.4)
      plucky (~> 0.3.1)
    mongoid (1.9.1)
      activesupport (<= 3.0.0)
      bson (~> 1.0.1)
      durran-validatable (>= 2.0.1)
      mongo (~> 1.0.1)
      will_paginate (< 2.9)
    plucky (0.3.2)
      mongo (~> 1.0.1)
    rspec (1.3.0)
    sequel (3.13.0)
    timecop (0.3.5)
    tzinfo (0.3.22)
    will_paginate (2.3.14)
    yard (0.5.8)

PLATFORMS
  ruby

DEPENDENCIES
  activerecord (>= 2.3.5)
  builder
  dm-core (>= 0.10.2)
  mongo_mapper (>= 0.7.0)
  mongoid
  navvy!
  rspec (>= 1.2.9)
  sequel (>= 3.8.0)
  timecop (>= 0.3.5)
  tzinfo
  yard (>= 0.5.2)
